GEM
  remote: http://rubygems.org/
  specs:
    backports (2.6.4)
    diff-lcs (1.1.3)
    eventmachine (1.0.0)
    fsdb (0.7.2)
    json_spec (1.0.3)
      multi_json (~> 1.0)
      rspec (~> 2.0)
    multi_json (1.3.6)
    nokogiri (1.5.5)
    rack (1.4.1)
    rack-protection (1.2.0)
      rack
    rack-test (0.6.2)
      rack (>= 1.0)
    rspec (2.11.0)
      rspec-core (~> 2.11.0)
      rspec-expectations (~> 2.11.0)
      rspec-mocks (~> 2.11.0)
    rspec-core (2.11.1)
    rspec-expectations (2.11.3)
      diff-lcs (~> 1.1.3)
    rspec-mocks (2.11.3)
    sinatra (1.3.3)
      rack (~> 1.3, >= 1.3.6)
      rack-protection (~> 1.2)
      tilt (~> 1.3, >= 1.3.3)
    sinatra-contrib (1.3.1)
      backports (>= 2.0)
      eventmachine
      rack-protection
      rack-test
      sinatra (~> 1.3.0)
      tilt (~> 1.3)
    tilt (1.3.3)
    uuidtools (2.1.3)

PLATFORMS
  ruby

DEPENDENCIES
  fsdb
  json_spec
  nokogiri
  rspec
  sinatra
  sinatra-contrib
  uuidtools
