GEM
  remote: http://rubygems.org/
  specs:
    backports (2.8.2)
    builder (3.2.0)
    cucumber (1.2.1)
      builder (>= 2.1.2)
      diff-lcs (>= 1.1.3)
      gherkin (~> 2.11.0)
      json (>= 1.4.6)
    diff-lcs (1.2.1)
    eventmachine (1.0.0)
    fsdb (0.7.2)
    gherkin (2.11.6)
      json (>= 1.7.6)
    ipsum (2.0.0)
      ipsum-english (>= 1.1.0)
      ipsum-french (>= 1.1.0)
      ipsum-latin (>= 1.1.0)
    ipsum-core (2.0.0)
    ipsum-english (1.1.0)
      ipsum-core (>= 2.0.0)
    ipsum-french (1.1.0)
      ipsum-core (>= 2.0.0)
    ipsum-latin (1.1.0)
      ipsum-core (>= 2.0.0)
    json (1.7.7)
    json_spec (1.1.0)
      multi_json (~> 1.0)
      rspec (~> 2.0)
    multi_json (1.6.1)
    nokogiri (1.5.6)
    rack (1.5.2)
    rack-protection (1.3.2)
      rack
    rack-test (0.6.2)
      rack (>= 1.0)
    rspec (2.13.0)
      rspec-core (~> 2.13.0)
      rspec-expectations (~> 2.13.0)
      rspec-mocks (~> 2.13.0)
    rspec-core (2.13.0)
    rspec-expectations (2.13.0)
      diff-lcs (>= 1.1.3, < 2.0)
    rspec-mocks (2.13.0)
    sinatra (1.3.4)
      rack (~> 1.4)
      rack-protection (~> 1.3)
      tilt (~> 1.3, >= 1.3.3)
    sinatra-contrib (1.3.2)
      backports (>= 2.0)
      eventmachine
      rack-protection
      rack-test
      sinatra (~> 1.3.0)
      tilt (~> 1.3)
    tilt (1.3.3)
    uuidtools (2.1.3)

PLATFORMS
  ruby

DEPENDENCIES
  cucumber
  fsdb
  ipsum
  json_spec
  nokogiri
  rspec
  sinatra
  sinatra-contrib
  uuidtools
