GEM
  remote: http://rubygems.org/
  specs:
    backports (2.6.5)
    builder (3.1.4)
    cucumber (1.2.1)
      builder (>= 2.1.2)
      diff-lcs (>= 1.1.3)
      gherkin (~> 2.11.0)
      json (>= 1.4.6)
    diff-lcs (1.1.3)
    eventmachine (1.0.0)
    fsdb (0.7.2)
    gherkin (2.11.5)
      json (>= 1.4.6)
    json (1.7.5)
    json_spec (1.1.0)
      multi_json (~> 1.0)
      rspec (~> 2.0)
    multi_json (1.5.0)
    nokogiri (1.5.5)
    rack (1.4.1)
    rack-protection (1.3.1)
      rack
    rack-test (0.6.2)
      rack (>= 1.0)
    rspec (2.12.0)
      rspec-core (~> 2.12.0)
      rspec-expectations (~> 2.12.0)
      rspec-mocks (~> 2.12.0)
    rspec-core (2.12.1)
    rspec-expectations (2.12.0)
      diff-lcs (~> 1.1.3)
    rspec-mocks (2.12.0)
    sinatra (1.3.3)
      rack (~> 1.3, >= 1.3.6)
      rack-protection (~> 1.2)
      tilt (~> 1.3, >= 1.3.3)
    sinatra-contrib (1.3.2)
      backports (>= 2.0)
      eventmachine
      rack-protection
      rack-test
      sinatra (~> 1.3.0)
      tilt (~> 1.3)
    tilt (1.3.3)
    uuidtools (2.1.3)

PLATFORMS
  ruby

DEPENDENCIES
  cucumber
  fsdb
  json_spec
  nokogiri
  rspec
  sinatra
  sinatra-contrib
  uuidtools
