GEM
  remote: https://rubygems.org/
  specs:
    backports (3.3.0)
    builder (3.2.0)
    coderay (1.0.9)
    columnize (0.3.6)
    cucumber (1.3.1)
      builder (>= 2.1.2)
      diff-lcs (>= 1.1.3)
      gherkin (~> 2.12.0)
      multi_json (~> 1.3)
    debugger (1.6.1)
      columnize (>= 0.3.1)
      debugger-linecache (~> 1.2.0)
      debugger-ruby_core_source (~> 1.2.3)
    debugger-linecache (1.2.0)
    debugger-ruby_core_source (1.2.3)
    diff-lcs (1.2.4)
    eventmachine (1.0.3)
    fsdb (0.7.2)
    gherkin (2.12.0)
      multi_json (~> 1.3)
    go_api_client (0.4.0)
      nokogiri
    grit (2.5.0)
      diff-lcs (~> 1.1)
      mime-types (~> 1.15)
      posix-spawn (~> 0.3.6)
    ipsum (2.0.0)
      ipsum-english (>= 1.1.0)
      ipsum-french (>= 1.1.0)
      ipsum-latin (>= 1.1.0)
    ipsum-core (2.0.0)
    ipsum-english (1.1.0)
      ipsum-core (>= 2.0.0)
    ipsum-french (1.1.0)
      ipsum-core (>= 2.0.0)
    ipsum-latin (1.1.0)
      ipsum-core (>= 2.0.0)
    json (1.7.7)
    json_spec (1.1.1)
      multi_json (~> 1.0)
      rspec (~> 2.0)
    method_source (0.8.2)
    mime-types (1.23)
    multi_json (1.7.3)
    nokogiri (1.5.9)
    posix-spawn (0.3.6)
    pry (0.9.12.2)
      coderay (~> 1.0.5)
      method_source (~> 0.8)
      slop (~> 3.4)
    pry-debugger (0.2.2)
      debugger (~> 1.3)
      pry (~> 0.9.10)
    rack (1.5.2)
    rack-protection (1.5.0)
      rack
    rack-test (0.6.2)
      rack (>= 1.0)
    rspec (2.13.0)
      rspec-core (~> 2.13.0)
      rspec-expectations (~> 2.13.0)
      rspec-mocks (~> 2.13.0)
    rspec-core (2.13.1)
    rspec-expectations (2.13.0)
      diff-lcs (>= 1.1.3, < 2.0)
    rspec-mocks (2.13.1)
    sinatra (1.4.2)
      rack (~> 1.5, >= 1.5.2)
      rack-protection (~> 1.4)
      tilt (~> 1.3, >= 1.3.4)
    sinatra-contrib (1.4.0)
      backports (>= 2.0)
      eventmachine
      rack-protection
      rack-test
      sinatra (~> 1.4.2)
      tilt (~> 1.3)
    slop (3.4.6)
    tilt (1.4.0)
    uuidtools (2.1.4)

PLATFORMS
  ruby

DEPENDENCIES
  cucumber
  fsdb
  go_api_client
  grit
  ipsum
  json (~> 1.7.7)
  json_spec
  nokogiri
  pry
  pry-debugger
  rspec
  sinatra
  sinatra-contrib
  uuidtools
